GEM
  remote: https://rubygems.org/
  specs:
    kgio (2.11.2)
    nio4r (2.5.1)
    puma (4.1.1)
      nio4r (~> 2.0)
    rack (2.0.7)
    raindrops (0.19.0)
    unicorn (5.5.1)
      kgio (~> 2.6)
      raindrops (~> 0.7)

PLATFORMS
  ruby

DEPENDENCIES
  puma
  rack
  unicorn

BUNDLED WITH
   2.0.2
